GEM
  remote: http://rubygems.org/
  specs:
    gemcutter (0.6.1)
    git (1.2.5)
    jeweler (1.4.0)
      gemcutter (>= 0.1.0)
      git (>= 1.2.5)
      rubyforge (>= 2.0.0)
    json_pure (1.4.6)
    redirect_follower (0.1.1)
    rubyforge (2.0.4)
      json_pure (>= 1.1.7)
    shoulda (2.10.3)
    simplecov (0.3.3)
      simplecov-html (>= 0.3.7)
    simplecov-html (0.3.8)

PLATFORMS
  ruby

DEPENDENCIES
  jeweler
  redirect_follower
  shoulda (= 2.10.3)
  simplecov
